GEM
  remote: https://rubygems.org/
  specs:
    breakpoint (1.3)
      compass (>= 0.12.1)
      sass (>= 3.2.0)
    chunky_png (1.2.8)
    compass (0.12.2)
      chunky_png (~> 1.2)
      fssm (>= 0.2.7)
      sass (~> 3.1)
    compass-aurora (1.1.1)
      compass (>= 0.12.2)
      compass-normalize (>= 1.4.1)
      sassy-buttons (>= 0.1.1)
      toolkit (>= 0.1.17)
    compass-normalize (1.4.3)
      compass (>= 0.12.0)
    fssm (0.2.10)
    modular-scale (1.0.6)
      compass (>= 0.12.1)
      sass (>= 3.2.0)
      sassy-math (>= 1.5)
    respond-to (2.6)
      breakpoint (>= 1.3)
    sass (3.2.9)
    sassy-buttons (0.2)
    sassy-math (1.5)
      compass (~> 0.11)
    sassy-strings (0.3.1)
      compass (>= 0.12.2)
    singularitygs (0.0.17)
      breakpoint (>= 1.1.1)
      compass (>= 0.12.2)
      modular-scale (>= 1.0.2)
      sass (>= 3.2.1)
    susy (1.0.8)
      compass (>= 0.12.2)
      sass (>= 3.2.0)
    toolkit (0.2.6)
      compass (>= 0.12.2)
      respond-to (>= 2.6)
      sassy-strings (>= 0.1)
      singularitygs (>= 0.0.17)
      susy (>= 1.0.5)

PLATFORMS
  ruby

DEPENDENCIES
  breakpoint (= 1.3)
  compass-aurora (~> 1.1.1)
  respond-to (= 2.6)
  singularitygs (= 0.0.17)
  susy (= 1.0.8)
  toolkit (= 0.2.6)
